GEM
  remote: http://rubygems.org/
  specs:
    activemodel (3.1.3)
      activesupport (= 3.1.3)
      builder (~> 3.0.0)
      i18n (~> 0.6)
    activesupport (3.1.3)
      multi_json (~> 1.0)
    bson (1.5.2)
    bson_ext (1.5.2)
      bson (= 1.5.2)
    builder (3.0.0)
    i18n (0.6.0)
    mime-types (1.17.2)
    mongo (1.5.2)
      bson (= 1.5.2)
    multi_json (1.0.4)
    rake (0.9.2.2)
    rest-client (1.6.7)
      mime-types (>= 1.16)
    tire (0.3.12)
      activemodel (~> 3.0)
      multi_json (~> 1.0)
      rake
      rest-client (~> 1.6.0)

PLATFORMS
  ruby

DEPENDENCIES
  bson_ext
  mongo
  tire
